PATH
  remote: .
  specs:
    starkinfra-core (0.0.1)
      starkbank-ecdsa (~> 2.0.0)

GEM
  remote: https://rubygems.org/
  specs:
    ast (2.4.2)
    minitest (5.14.4)
    parallel (1.22.1)
    parser (3.1.2.1)
      ast (~> 2.4.1)
    rainbow (3.1.1)
    rake (13.0.6)
    regexp_parser (2.6.0)
    rexml (3.2.5)
    rubocop (0.93.1)
      parallel (~> 1.10)
      parser (>= 2.7.1.5)
      rainbow (>= 2.2.2, < 4.0)
      regexp_parser (>= 1.8)
      rexml
      rubocop-ast (>= 0.6.0)
      ruby-progressbar (~> 1.7)
      unicode-display_width (>= 1.4.0, < 2.0)
    rubocop-ast (1.23.0)
      parser (>= 3.1.1.0)
    ruby-progressbar (1.11.0)
    starkbank-ecdsa (2.0.0)
    unicode-display_width (1.8.0)

PLATFORMS
  x86_64-linux

DEPENDENCIES
  minitest (~> 5.14.1)
  rake (~> 13.0)
  rubocop (~> 0.81)
  starkinfra-core!

BUNDLED WITH
   2.2.5
